GIT
  remote: https://github.com/mattwynne/relish.git
  revision: 311c11d7931e6056d3cfbbe638a3aa694f14ca56
  specs:
    relish (0.4.0)
      archive-tar-minitar (~> 0.5.2)
      json (~> 1.4.6)
      rest-client (~> 1.6.1)

GEM
  remote: http://rubygems.org/
  specs:
    archive-tar-minitar (0.5.2)
    builder (3.0.0)
    cucumber (1.0.2)
      builder (>= 2.1.2)
      diff-lcs (>= 1.1.2)
      gherkin (~> 2.4.5)
      json (>= 1.4.6)
      term-ansicolor (>= 1.0.5)
    diff-lcs (1.1.3)
    gherkin (2.4.16)
      json (>= 1.4.6)
    json (1.4.6)
    macaddr (1.4.0)
      systemu (~> 2.2.0)
    mime-types (1.16)
    rest-client (1.6.7)
      mime-types (>= 1.16)
    robot-vim (1.1.0)
      uuid (~> 2.3.1)
    rspec (2.6.0)
      rspec-core (~> 2.6.0)
      rspec-expectations (~> 2.6.0)
      rspec-mocks (~> 2.6.0)
    rspec-core (2.6.4)
    rspec-expectations (2.6.0)
      diff-lcs (~> 1.1.2)
    rspec-mocks (2.6.0)
    systemu (2.2.0)
    term-ansicolor (1.0.6)
    uuid (2.3.3)
      macaddr (~> 1.0)

PLATFORMS
  ruby

DEPENDENCIES
  cucumber
  relish!
  robot-vim
  rspec
